GEM
  remote: https://rubygems.org/
  specs:
    ffi (1.15.5-x64-mingw-ucrt)
    google-protobuf (3.20.1)
    jekyll-watch (2.2.1)
      listen (~> 3.0)
    kramdown (2.4.0)
      rexml
    kramdown-parser-gfm (1.1.0)
      kramdown (~> 2.0)
    listen (3.7.1)
      rb-fsevent (~> 0.10, >= 0.10.3)
      rb-inotify (~> 0.9, >= 0.9.10)
    rake (13.0.6)
    rb-fsevent (0.11.1)
    rb-inotify (0.10.1)
      ffi (~> 1.0)
    rexml (3.2.5)
    rouge (3.28.0)
    sass-embedded (1.5.0)
      google-protobuf (~> 3.19)
      rake (>= 10.0.0)
    webrick (1.7.0)

PLATFORMS
  x64-mingw-ucrt

DEPENDENCIES
  jekyll-watch
  kramdown-parser-gfm
  rouge
  sass-embedded (~> 1.0)
  webrick

BUNDLED WITH
   2.3.14
